GEM
  remote: http://rubygems.org/
  specs:
    activesupport (3.0.3)
    daemons (1.1.0)
    eventmachine (0.12.10)
    git (1.2.5)
    haml (3.0.25)
    http_router (0.4.1)
      rack (>= 1.0.0)
      url_mount (~> 0.2.1)
    i18n (0.5.0)
    json (1.4.6)
    mail (2.2.13)
      activesupport (>= 2.3.6)
      i18n (>= 0.4.0)
      mime-types (~> 1.16)
      treetop (~> 1.4.8)
    mime-types (1.16)
    mini_magick (3.1)
      subexec (~> 0.0.4)
    naturalsort (1.1.1)
    padrino (0.9.19)
      padrino-admin (= 0.9.19)
      padrino-core (= 0.9.19)
      padrino-gen (= 0.9.19)
      padrino-helpers (= 0.9.19)
      padrino-mailer (= 0.9.19)
    padrino-admin (0.9.19)
      padrino-core (= 0.9.19)
      padrino-helpers (= 0.9.19)
    padrino-core (0.9.19)
      activesupport (>= 3.0.0)
      http_router (~> 0.4.0)
      sinatra (>= 1.1.0)
      thor (>= 0.14.3)
      tzinfo
    padrino-gen (0.9.19)
      bundler (>= 1.0.2)
      git
      padrino-core (= 0.9.19)
    padrino-helpers (0.9.19)
      i18n (>= 0.4.1)
      padrino-core (= 0.9.19)
    padrino-mailer (0.9.19)
      mail (>= 2.2.0)
      padrino-core (= 0.9.19)
    polyglot (0.3.1)
    rack (1.2.1)
    rack-flash (0.1.1)
      rack
    rake (0.8.7)
    sinatra (1.1.0)
      rack (~> 1.1)
      tilt (~> 1.2)
    subexec (0.0.4)
    thin (1.2.7)
      daemons (>= 1.0.9)
      eventmachine (>= 0.12.6)
      rack (>= 1.0.0)
    thor (0.14.6)
    tilt (1.2.1)
    treetop (1.4.9)
      polyglot (>= 0.3.1)
    tzinfo (0.3.23)
    url_mount (0.2.1)
      rack

PLATFORMS
  ruby

DEPENDENCIES
  haml
  json
  mini_magick
  naturalsort
  padrino (= 0.9.19)
  rack-flash
  rake
  thin
